GEM
  remote: https://rubygems.org/
  specs:
    addressable (2.8.0)
      public_suffix (>= 2.0.2, < 5.0)
    concurrent-ruby (1.1.9)
    faker (2.19.0)
      i18n (>= 1.6, < 2)
    faraday (1.9.3)
      faraday-em_http (~> 1.0)
      faraday-em_synchrony (~> 1.0)
      faraday-excon (~> 1.1)
      faraday-httpclient (~> 1.0)
      faraday-multipart (~> 1.0)
      faraday-net_http (~> 1.0)
      faraday-net_http_persistent (~> 1.0)
      faraday-patron (~> 1.0)
      faraday-rack (~> 1.0)
      faraday-retry (~> 1.0)
      ruby2_keywords (>= 0.0.4)
    faraday-em_http (1.0.0)
    faraday-em_synchrony (1.0.0)
    faraday-excon (1.1.0)
    faraday-httpclient (1.0.1)
    faraday-multipart (1.0.3)
      multipart-post (>= 1.2, < 3)
    faraday-net_http (1.0.1)
    faraday-net_http_persistent (1.2.0)
    faraday-patron (1.0.0)
    faraday-rack (1.0.0)
    faraday-retry (1.0.3)
    i18n (1.8.11)
      concurrent-ruby (~> 1.0)
    multipart-post (2.1.1)
    octokit (4.22.0)
      faraday (>= 0.9)
      sawyer (~> 0.8.0, >= 0.5.3)
    public_suffix (4.0.6)
    rake (13.0.6)
    ruby2_keywords (0.0.5)
    sawyer (0.8.2)
      addressable (>= 2.3.5)
      faraday (> 0.8, < 2.0)

PLATFORMS
  x86_64-darwin-18

DEPENDENCIES
  faker
  octokit
  rake

BUNDLED WITH
   2.2.24
